GEM
  remote: https://rubygems.org/
  specs:
    eventmachine (1.0.7)
    eventmachine_httpserver (0.2.1)

PLATFORMS
  ruby

DEPENDENCIES
  eventmachine
  eventmachine_httpserver
